GEM
  remote: https://rubygems.org/
  specs:
    addressable (2.7.0)
      public_suffix (>= 2.0.2, < 5.0)
    capybara (3.32.2)
      addressable
      mini_mime (>= 0.1.3)
      nokogiri (~> 1.8)
      rack (>= 1.6.0)
      rack-test (>= 0.6.3)
      regexp_parser (~> 1.5)
      xpath (~> 3.2)
    childprocess (1.0.1)
      rake (< 13.0)
    diff-lcs (1.3)
    mini_mime (1.0.2)
    mini_portile2 (2.4.0)
    nokogiri (1.10.10)
      mini_portile2 (~> 2.4.0)
    public_suffix (4.0.6)
    rack (2.2.3)
    rack-test (1.1.0)
      rack (>= 1.0, < 3)
    rake (12.3.2)
    regexp_parser (1.8.2)
    rspec-core (3.5.4)
      rspec-support (~> 3.5.0)
    rspec-expectations (3.5.0)
      diff-lcs (>= 1.2.0, < 2.0)
      rspec-support (~> 3.5.0)
    rspec-support (3.5.0)
    rubyzip (1.2.3)
    selenium-webdriver (3.142.3)
      childprocess (>= 0.5, < 2.0)
      rubyzip (~> 1.2, >= 1.2.2)
    xpath (3.2.0)
      nokogiri (~> 1.8)

PLATFORMS
  ruby

DEPENDENCIES
  capybara (>= 3.25.0)
  rspec-core
  rspec-expectations
  selenium-webdriver

BUNDLED WITH
   1.17.3
